PATH
  remote: .
  specs:
    gravatar-ultimate (1.0.3)

GEM
  remote: http://rubygems.org/
  specs:
    activesupport (2.3.14)
    diff-lcs (1.1.3)
    fakeweb (1.3.0)
    i18n (0.6.0)
    json (1.6.1)
    rake (0.9.2.2)
    rdoc (3.11)
      json (~> 1.4)
    rspec (2.8.0)
      rspec-core (~> 2.8.0)
      rspec-expectations (~> 2.8.0)
      rspec-mocks (~> 2.8.0)
    rspec-core (2.8.0)
    rspec-expectations (2.8.0)
      diff-lcs (~> 1.1.2)
    rspec-mocks (2.8.0)

PLATFORMS
  ruby

DEPENDENCIES
  activesupport (>= 2.3.14)
  fakeweb (>= 1.2.8)
  gravatar-ultimate!
  i18n (~> 0.6.0)
  jruby-openssl
  rake (~> 0.9.2.2)
  rdoc (~> 3.11)
  rspec (>= 1.3.0)
